GEM
  remote: http://rubygems.org/
  specs:
    actionmailer (4.1.7.1)
      actionpack (= 4.1.7.1)
      actionview (= 4.1.7.1)
      mail (~> 2.5, >= 2.5.4)
    actionpack (4.1.7.1)
      actionview (= 4.1.7.1)
      activesupport (= 4.1.7.1)
      rack (~> 1.5.2)
      rack-test (~> 0.6.2)
    actionview (4.1.7.1)
      activesupport (= 4.1.7.1)
      builder (~> 3.1)
      erubis (~> 2.7.0)
    activemodel (4.1.7.1)
      activesupport (= 4.1.7.1)
      builder (~> 3.1)
    activerecord (4.1.7.1)
      activemodel (= 4.1.7.1)
      activesupport (= 4.1.7.1)
      arel (~> 5.0.0)
    activesupport (4.1.7.1)
      i18n (~> 0.6, >= 0.6.9)
      json (~> 1.7, >= 1.7.7)
      minitest (~> 5.1)
      thread_safe (~> 0.1)
      tzinfo (~> 1.1)
    akami (1.2.2)
      gyoku (>= 0.4.0)
      nokogiri
    arel (5.0.1.20140414130214)
    builder (3.2.2)
    capybara (2.4.4)
      mime-types (>= 1.16)
      nokogiri (>= 1.3.3)
      rack (>= 1.0.0)
      rack-test (>= 0.5.4)
      xpath (~> 2.0)
    cucumber (1.3.17)
      builder (>= 2.1.2)
      diff-lcs (>= 1.1.3)
      gherkin (~> 2.12)
      multi_json (>= 1.7.5, < 2.0)
      multi_test (>= 0.1.1)
    cucumber-rails (1.4.2)
      capybara (>= 1.1.2, < 3)
      cucumber (>= 1.3.8, < 2)
      mime-types (>= 1.16, < 3)
      nokogiri (~> 1.5)
      rails (>= 3, < 5)
    database_cleaner (1.3.0)
    diff-lcs (1.2.5)
    erubis (2.7.0)
    execjs (2.2.2)
    gherkin (2.12.2)
      multi_json (~> 1.3)
    gyoku (0.4.6)
      builder (>= 2.1.2)
    hike (1.2.3)
    httpi (1.1.1)
      rack
    i18n (0.6.11)
    jquery-rails (2.2.2)
      railties (>= 3.0, < 5.0)
      thor (>= 0.14, < 2.0)
    json (1.8.1)
    mail (2.6.3)
      mime-types (>= 1.16, < 3)
    mime-types (2.4.3)
    mini_portile (0.6.1)
    minitest (5.4.3)
    multi_json (1.10.1)
    multi_test (0.1.1)
    nokogiri (1.6.5)
      mini_portile (~> 0.6.0)
    nori (1.1.5)
    rack (1.5.2)
    rack-test (0.6.2)
      rack (>= 1.0)
    rails (4.1.7.1)
      actionmailer (= 4.1.7.1)
      actionpack (= 4.1.7.1)
      actionview (= 4.1.7.1)
      activemodel (= 4.1.7.1)
      activerecord (= 4.1.7.1)
      activesupport (= 4.1.7.1)
      bundler (>= 1.3.0, < 2.0)
      railties (= 4.1.7.1)
      sprockets-rails (~> 2.0)
    railties (4.1.7.1)
      actionpack (= 4.1.7.1)
      activesupport (= 4.1.7.1)
      rake (>= 0.8.7)
      thor (>= 0.18.1, < 2.0)
    rake (10.4.2)
    savon (1.2.0)
      akami (~> 1.2.0)
      builder (>= 2.1.2)
      gyoku (~> 0.4.5)
      httpi (~> 1.1.0)
      nokogiri (>= 1.4.0)
      nori (~> 1.1.0)
      wasabi (~> 2.5.0)
    sprockets (2.12.3)
      hike (~> 1.2)
      multi_json (~> 1.0)
      rack (~> 1.0)
      tilt (~> 1.1, != 1.3.0)
    sprockets-rails (2.2.2)
      actionpack (>= 3.0)
      activesupport (>= 3.0)
      sprockets (>= 2.8, < 4.0)
    sqlite3 (1.3.10)
    thor (0.19.1)
    thread_safe (0.3.4)
    tilt (1.4.1)
    tzinfo (1.2.2)
      thread_safe (~> 0.1)
    uglifier (2.5.3)
      execjs (>= 0.3.0)
      json (>= 1.8.0)
    wasabi (2.5.1)
      httpi (~> 1.0)
      nokogiri (>= 1.4.0)
    xpath (2.0.0)
      nokogiri (~> 1.3)

PLATFORMS
  ruby

DEPENDENCIES
  capybara
  cucumber-rails
  database_cleaner
  jquery-rails (~> 2.2.0)
  nokogiri
  rails (= 4.1.7.1)
  savon (~> 1.0)
  sqlite3
  uglifier (>= 1.0.3)
